GEM
  remote: https://rubygems.org/
  specs:
    activesupport (5.2.2)
      concurrent-ruby (~> 1.0, >= 1.0.2)
      i18n (>= 0.7, < 2)
      minitest (~> 5.1)
      tzinfo (~> 1.1)
    byebug (11.0.0)
    coderay (1.1.2)
    concurrent-ruby (1.1.4)
    daemons (1.3.1)
    eventmachine (1.2.7)
    faraday (0.15.4)
      multipart-post (>= 1.2, < 3)
    faraday_middleware (0.13.1)
      faraday (>= 0.7.4, < 1.0)
    hashie (3.6.0)
    highline (2.0.1)
    i18n (1.5.3)
      concurrent-ruby (~> 1.0)
    json (2.2.0)
    listen (0.6.0)
    method_source (0.9.2)
    minitest (5.11.3)
    multipart-post (2.0.0)
    mustermann (1.0.3)
    pry (0.12.2)
      coderay (~> 1.1.0)
      method_source (~> 0.9.0)
    pry-byebug (3.7.0)
      byebug (~> 11.0)
      pry (~> 0.10)
    rack (2.0.6)
    rack-protection (2.0.5)
      rack
    rerun (0.8.0)
      listen
    restforce (3.1.0)
      faraday (>= 0.9.0, <= 1.0)
      faraday_middleware (>= 0.8.8, <= 1.0)
      hashie (>= 1.2.0, < 4.0)
      json (>= 1.7.5)
    sequel (5.17.0)
    sinatra (2.0.5)
      mustermann (~> 1.0)
      rack (~> 2.0)
      rack-protection (= 2.0.5)
      tilt (~> 2.0)
    sqlite3 (1.4.0)
    sucker_punch (2.1.1)
      concurrent-ruby (~> 1.0)
    thin (1.7.2)
      daemons (~> 1.0, >= 1.0.9)
      eventmachine (~> 1.0, >= 1.0.4)
      rack (>= 1, < 3)
    thread_safe (0.3.6)
    tilt (2.0.9)
    tzinfo (1.2.5)
      thread_safe (~> 0.1)
    xml-simple (1.1.5)

PLATFORMS
  ruby

DEPENDENCIES
  activesupport
  highline
  pry-byebug
  rerun
  restforce
  sequel
  sinatra
  sqlite3
  sucker_punch
  thin
  xml-simple

BUNDLED WITH
   1.17.1
